GEM
  remote: https://rubygems.org/
  specs:
    addressable (2.4.0)
    awesome_print (1.8.0)
    builder (3.2.4)
    clipboard (1.3.4)
    coveralls (0.8.23)
      json (>= 1.8, < 3)
      simplecov (~> 0.16.1)
      term-ansicolor (~> 1.3)
      thor (>= 0.19.4, < 2.0)
      tins (~> 1.6)
    descendants_tracker (0.0.4)
      thread_safe (~> 0.3, >= 0.3.1)
    diff-lcs (1.4.4)
    docile (1.3.2)
    facets (3.1.0)
    faraday (0.9.2)
      multipart-post (>= 1.2, < 3)
    filewatcher (1.1.1)
      optimist (~> 3.0)
    git (1.7.0)
      rchardet (~> 1.8)
    github_api (0.16.0)
      addressable (~> 2.4.0)
      descendants_tracker (~> 0.0.4)
      faraday (~> 0.8, < 0.10)
      hashie (>= 3.4)
      mime-types (>= 1.16, < 3.0)
      oauth2 (~> 1.0)
    glimmer (0.9.5)
      facets (>= 3.1.0, < 4.0.0)
    glimmer-cs-gladiator (0.2.2)
      clipboard (~> 1.3.4)
      filewatcher (~> 1.1.1)
      glimmer-dsl-swt (>= 0.4.1, < 2.0.0)
    glimmer-dsl-css (0.1.0)
      glimmer (~> 0.9.0)
    glimmer-dsl-swt (0.4.1)
      glimmer (~> 0.9.5)
      jeweler (>= 2.3.9, < 3.0.0)
      nested_inherited_jruby_include_package (~> 0.3.0)
      os (>= 1.0.0, < 2.0.0)
      puts_debuggerer (~> 0.8.2)
      rake (>= 10.1.0, < 14.0.0)
      rdoc (>= 6.2.1, < 7.0.0)
      super_module (~> 1.4.1)
      text-table (>= 1.2.4, < 2.0.0)
      warbler (>= 2.0.5, < 3.0.0)
    glimmer-dsl-xml (0.1.0)
      glimmer (~> 0.9.0)
    hashie (4.1.0)
    highline (2.0.3)
    jar-dependencies (0.4.1)
    jeweler (2.3.9)
      builder
      bundler
      git (>= 1.2.5)
      github_api (~> 0.16.0)
      highline (>= 1.6.15)
      nokogiri (>= 1.5.10)
      psych
      rake
      rdoc
      semver2
    jruby-jars (9.2.12.0)
    jruby-rack (1.1.21)
    json (2.3.1-java)
    jwt (2.2.1)
    method_source (1.0.0)
    mime-types (2.99.3)
    multi_json (1.15.0)
    multi_xml (0.6.0)
    multipart-post (2.1.1)
    nested_inherited_jruby_include_package (0.3.0)
    nokogiri (1.10.10-java)
    oauth2 (1.4.4)
      faraday (>= 0.8, < 2.0)
      jwt (>= 1.0, < 3.0)
      multi_json (~> 1.3)
      multi_xml (~> 0.5)
      rack (>= 1.2, < 3)
    optimist (3.0.1)
    os (1.1.0)
    psych (3.2.0-java)
      jar-dependencies (>= 0.1.7)
    puts_debuggerer (0.8.2)
      awesome_print (~> 1.8.0)
    rack (2.2.3)
    rake (13.0.1)
    rchardet (1.8.0)
    rdoc (6.2.1)
    rspec (3.5.0)
      rspec-core (~> 3.5.0)
      rspec-expectations (~> 3.5.0)
      rspec-mocks (~> 3.5.0)
    rspec-core (3.5.4)
      rspec-support (~> 3.5.0)
    rspec-expectations (3.5.0)
      diff-lcs (>= 1.2.0, < 2.0)
      rspec-support (~> 3.5.0)
    rspec-mocks (3.5.0)
      diff-lcs (>= 1.2.0, < 2.0)
      rspec-support (~> 3.5.0)
    rspec-support (3.5.0)
    rubyzip (1.3.0)
    semver2 (3.4.2)
    simplecov (0.16.1)
      docile (~> 1.1)
      json (>= 1.8, < 3)
      simplecov-html (~> 0.10.0)
    simplecov-html (0.10.2)
    simplecov-lcov (0.7.0)
    super_module (1.4.1)
      method_source (>= 0.8.2, < 1.1.0)
    sync (0.5.0)
    term-ansicolor (1.7.1)
      tins (~> 1.0)
    text-table (1.2.4)
    thor (1.0.1)
    thread_safe (0.3.6-java)
    tins (1.25.0)
      sync
    warbler (2.0.5)
      jruby-jars (>= 9.0.0.0)
      jruby-rack (>= 1.1.1, < 1.3)
      rake (>= 10.1.0)
      rubyzip (~> 1.0, < 1.4)

PLATFORMS
  java

DEPENDENCIES
  coveralls (= 0.8.23)
  glimmer-cs-gladiator
  glimmer-dsl-css (>= 0.1.0, < 2.0.0)
  glimmer-dsl-swt (>= 0.4.1, < 2.0.0)
  glimmer-dsl-xml (>= 0.1.0, < 2.0.0)
  jeweler (= 2.3.9)
  rspec (~> 3.5.0)
  simplecov (~> 0.16.1)
  simplecov-lcov (~> 0.7.0)

BUNDLED WITH
   2.1.4
