GEM
  remote: https://rubygems.org/
  specs:
    array_include_methods (1.0.2)
    awesome_print (1.8.0)
    bundler-download (1.3.0)
      bundler (>= 2.0.0, < 3.0.0)
      download (>= 1.1.0, < 2.0.0)
      os (>= 1.1.1, < 2.0.0)
      tty-progressbar (>= 0.17.0, < 2.0.0)
    coveralls (0.8.23)
      json (>= 1.8, < 3)
      simplecov (~> 0.16.1)
      term-ansicolor (~> 1.3)
      thor (>= 0.19.4, < 2.0)
      tins (~> 1.6)
    diff-lcs (1.4.4)
    docile (1.3.2)
    download (1.1.0)
    equatable (0.6.1)
    facets (3.1.0)
    git-glimmer (1.7.0)
      rchardet (~> 1.8)
    glimmer (1.0.0)
      array_include_methods (>= 1.0.2, < 2.0.0)
      facets (>= 3.1.0, < 4.0.0)
    glimmer-cw-browser-chromium (4.17.0.2)
      bundler-download (~> 1.3)
      glimmer-dsl-swt (>= 4.17.2.0, < 5.0.0.0)
    glimmer-dsl-css (1.0.0)
      glimmer (>= 1.0.0, < 2.0.0)
    glimmer-dsl-swt (4.17.2.0)
      git-glimmer (= 1.7.0)
      glimmer (~> 1.0.0)
      logging (>= 2.3.0, < 3.0.0)
      nested_inherited_jruby_include_package (~> 0.3.0)
      os (>= 1.0.0, < 2.0.0)
      puts_debuggerer (~> 0.10.1)
      rake (>= 10.1.0, < 14.0.0)
      rake-tui (>= 0.2.3, < 2.0.0)
      super_module (~> 1.4.1)
      text-table (>= 1.2.4, < 2.0.0)
      tty-markdown (>= 0.6.0, < 2.0.0)
    glimmer-dsl-xml (1.0.0)
      glimmer (>= 1.0.0, < 2.0.0)
    json (2.3.1-java)
    kramdown (1.16.2)
    little-plugger (1.1.4)
    logging (2.3.0)
      little-plugger (~> 1.1)
      multi_json (~> 1.14)
    method_source (1.0.0)
    multi_json (1.15.0)
    necromancer (0.5.1)
    nested_inherited_jruby_include_package (0.3.0)
    os (1.1.1)
    pastel (0.7.4)
      equatable (~> 0.6)
      tty-color (~> 0.5)
    puts_debuggerer (0.10.1)
      awesome_print (~> 1.8.0)
    rake (13.0.1)
    rake-tui (0.2.3)
      tty-prompt
    rchardet (1.8.0)
    rouge (3.23.0)
    rspec (3.5.0)
      rspec-core (~> 3.5.0)
      rspec-expectations (~> 3.5.0)
      rspec-mocks (~> 3.5.0)
    rspec-core (3.5.4)
      rspec-support (~> 3.5.0)
    rspec-expectations (3.5.0)
      diff-lcs (>= 1.2.0, < 2.0)
      rspec-support (~> 3.5.0)
    rspec-mocks (3.5.0)
      diff-lcs (>= 1.2.0, < 2.0)
      rspec-support (~> 3.5.0)
    rspec-support (3.5.0)
    simplecov (0.16.1)
      docile (~> 1.1)
      json (>= 1.8, < 3)
      simplecov-html (~> 0.10.0)
    simplecov-html (0.10.2)
    simplecov-lcov (0.7.0)
    strings (0.1.8)
      strings-ansi (~> 0.1)
      unicode-display_width (~> 1.5)
      unicode_utils (~> 1.4)
    strings-ansi (0.1.0)
    super_module (1.4.1)
      method_source (>= 0.8.2, < 1.1.0)
    sync (0.5.0)
    term-ansicolor (1.7.1)
      tins (~> 1.0)
    text-table (1.2.4)
    thor (1.0.1)
    tins (1.25.0)
      sync
    tty-color (0.5.2)
    tty-cursor (0.7.1)
    tty-markdown (0.6.0)
      kramdown (~> 1.16.2)
      pastel (~> 0.7.2)
      rouge (~> 3.3)
      strings (~> 0.1.4)
      tty-color (~> 0.4)
      tty-screen (~> 0.6)
    tty-progressbar (0.17.0)
      strings-ansi (~> 0.1.0)
      tty-cursor (~> 0.7)
      tty-screen (~> 0.7)
      unicode-display_width (~> 1.6)
    tty-prompt (0.21.0)
      necromancer (~> 0.5.0)
      pastel (~> 0.7.0)
      tty-reader (~> 0.7.0)
    tty-reader (0.7.0)
      tty-cursor (~> 0.7)
      tty-screen (~> 0.7)
      wisper (~> 2.0.0)
    tty-screen (0.8.1)
    unicode-display_width (1.7.0)
    unicode_utils (1.4.0)
    wisper (2.0.1)

PLATFORMS
  java

DEPENDENCIES
  coveralls (= 0.8.23)
  glimmer-cw-browser-chromium (>= 4.17.0.2, < 5.0.0.0)
  glimmer-dsl-css (>= 1.0.0, < 2.0.0)
  glimmer-dsl-swt (>= 4.17.2.0, < 5.0.0.0)
  glimmer-dsl-xml (>= 1.0.0, < 2.0.0)
  rspec (~> 3.5.0)
  simplecov (~> 0.16.1)
  simplecov-lcov (~> 0.7.0)

BUNDLED WITH
   2.1.4
